GEM
  remote: http://rubygems.org/
  specs:
    activemodel (3.1.0)
      activesupport (= 3.1.0)
      bcrypt-ruby (~> 3.0.0)
      builder (~> 3.0.0)
      i18n (~> 0.6)
    activesupport (3.1.0)
      multi_json (~> 1.0)
    bcrypt-ruby (3.0.1)
    bson (1.3.1)
    bson_ext (1.3.1)
    builder (3.0.0)
    cassandra (0.12.1)
      json
      rake
      simple_uuid (>= 0.2.0)
      thrift_client (>= 0.7.0)
    cgi_multipart_eof_fix (2.5.0)
    daemons (1.1.4)
    fast_xs (0.8.0)
    fastthread (1.0.7)
    gem_plugin (0.2.3)
    haml (3.1.2)
    i18n (0.6.0)
    json (1.5.3)
    mime-types (1.16)
    mongo (1.3.1)
      bson (>= 1.3.1)
    mongoid (2.2.0)
      activemodel (~> 3.0)
      mongo (~> 1.3)
      tzinfo (~> 0.3.22)
    mongrel (1.1.5)
      cgi_multipart_eof_fix (>= 2.4)
      daemons (>= 1.0.3)
      fastthread (>= 1.0.1)
      gem_plugin (>= 0.2.3)
    multi_json (1.0.3)
    rack (1.3.5)
    rake (0.9.2)
    simple_uuid (0.2.0)
    sinatra (1.0)
      rack (>= 1.0)
    system_timer (1.2.4)
    thrift (0.7.0)
    thrift_client (0.7.1)
      thrift (~> 0.7.0)
    typhoeus (0.2.4)
      mime-types
      mime-types
    tzinfo (0.3.29)

PLATFORMS
  ruby

DEPENDENCIES
  bson_ext (~> 1.3)
  cassandra
  daemons
  fast_xs
  haml
  json
  mongoid (~> 2.2)
  mongrel
  rack (= 1.3.5)
  sinatra
  system_timer
  typhoeus
